GEM
  remote: https://rubygems.org/
  specs:
    ast (2.4.0)
    git (1.5.0)
    jaro_winkler (1.5.1)
    minitest (5.11.3)
    naturally (2.2.0)
    parallel (1.12.1)
    parser (2.5.3.0)
      ast (~> 2.4.0)
    powerpack (0.1.2)
    rainbow (3.0.0)
    rubocop (0.61.1)
      jaro_winkler (~> 1.5.1)
      parallel (~> 1.10)
      parser (>= 2.5, != 2.5.1.1)
      powerpack (~> 0.1)
      rainbow (>= 2.2.2, < 4.0)
      ruby-progressbar (~> 1.7)
      unicode-display_width (~> 1.4.0)
    rubocop-sketchup (0.6.0)
      rubocop (~> 0.61.0)
    ruby-progressbar (1.10.0)
    sketchup-api-stubs (0.3.1)
    skippy (0.4.1.a)
      git (~> 1.3)
      naturally (~> 2.1)
      thor (~> 0.19)
    thor (0.20.3)
    unicode-display_width (1.4.0)

PLATFORMS
  x64-mingw32

DEPENDENCIES
  minitest
  rubocop (~> 0.61.1)
  rubocop-sketchup (~> 0.6.0)
  sketchup-api-stubs
  skippy (~> 0.4.1.a)

BUNDLED WITH
   1.16.2
