GEM
  remote: https://rubygems.org/
  specs:
    ast (2.4.0)
    git (1.5.0)
    jaro_winkler (1.5.3)
    minitest (5.12.2)
    naturally (2.2.0)
    parallel (1.18.0)
    parser (2.6.5.0)
      ast (~> 2.4.0)
    rainbow (3.0.0)
    rubocop (0.75.0)
      jaro_winkler (~> 1.5.1)
      parallel (~> 1.10)
      parser (>= 2.6)
      rainbow (>= 2.2.2, < 4.0)
      ruby-progressbar (~> 1.7)
      unicode-display_width (>= 1.4.0, < 1.7)
    rubocop-sketchup (0.11.0)
      rubocop (>= 0.75, <= 0.75)
    ruby-progressbar (1.10.1)
    sketchup-api-stubs (0.6.1)
    skippy (0.4.1.a)
      git (~> 1.3)
      naturally (~> 2.1)
      thor (~> 0.19)
    thor (0.20.3)
    unicode-display_width (1.6.0)
    yard (0.9.20)

PLATFORMS
  x64-mingw32

DEPENDENCIES
  minitest
  rubocop
  rubocop-sketchup (~> 0.11.0)
  sketchup-api-stubs
  skippy (~> 0.4.1.a)
  yard (~> 0.9.16)

BUNDLED WITH
   1.17.3
